PATH
  remote: .
  specs:
    tls-map (2.0.0)
      docopt (~> 0.6)
      paint (~> 2.2)
      rexml (~> 3.2)

GEM
  remote: https://rubygems.org/
  specs:
    ast (2.4.2)
    coderay (1.1.3)
    docopt (0.6.1)
    github-markup (4.0.0)
    minitest (5.14.4)
    minitest-skip (0.0.3)
      minitest (~> 5.0)
    paint (2.2.1)
    parallel (1.21.0)
    parser (3.0.2.0)
      ast (~> 2.4.1)
    rainbow (3.0.0)
    rake (13.0.6)
    redcarpet (3.5.1)
    regexp_parser (2.1.1)
    rexml (3.2.5)
    rubocop (1.22.1)
      parallel (~> 1.10)
      parser (>= 3.0.0.0)
      rainbow (>= 2.2.2, < 4.0)
      regexp_parser (>= 1.8, < 3.0)
      rexml
      rubocop-ast (>= 1.12.0, < 2.0)
      ruby-progressbar (~> 1.7)
      unicode-display_width (>= 1.4.0, < 3.0)
    rubocop-ast (1.12.0)
      parser (>= 3.0.1.1)
    ruby-progressbar (1.11.0)
    unicode-display_width (2.1.0)
    webrick (1.7.0)
    yard (0.9.26)
    yard-coderay (0.1.0)
      coderay
      yard

PLATFORMS
  x86_64-linux

DEPENDENCIES
  bundler (>= 2.1.0, < 2.3)
  docopt (~> 0.6)
  github-markup (~> 4.0)
  minitest (~> 5.12)
  minitest-skip (~> 0.0)
  paint (~> 2.2)
  rake (~> 13.0)
  redcarpet (~> 3.5)
  rexml (~> 3.2)
  rubocop (~> 1.22)
  tls-map!
  webrick (~> 1.7)
  yard (~> 0.9)
  yard-coderay (~> 0.1)

BUNDLED WITH
   2.2.22
