GIT
  remote: https://github.com/ParadoxV5/yard.git
  revision: 9e869c940859570b07b81c5eadd6070e76f6291e
  ref: 9e869c940859570b07b81c5eadd6070e76f6291e
  branch: commonmarker-1.0
  specs:
    yard (0.9.36)

PATH
  remote: .
  specs:
    tls-map (3.1.0)
      csv (~> 3.3)
      docopt (~> 0.6)
      paint (~> 2.2)
      rexml (~> 3.2)

GEM
  remote: https://rubygems.org/
  specs:
    ast (2.4.2)
    coderay (1.1.3)
    commonmarker (2.0.4)
      rb_sys (~> 0.9)
    commonmarker (2.0.4-x86_64-linux)
    csv (3.3.2)
    docopt (0.6.1)
    json (2.9.1)
    language_server-protocol (3.17.0.4)
    minitest (5.25.4)
    minitest-skip (0.0.3)
      minitest (~> 5.0)
    paint (2.3.0)
    parallel (1.26.3)
    parser (3.3.7.0)
      ast (~> 2.4.1)
      racc
    racc (1.8.1)
    rainbow (3.1.1)
    rake (13.2.1)
    rake-compiler-dock (1.9.1)
    rb_sys (0.9.110)
      rake-compiler-dock (= 1.9.1)
    regexp_parser (2.10.0)
    rexml (3.4.0)
    rubocop (1.71.1)
      json (~> 2.3)
      language_server-protocol (>= 3.17.0)
      parallel (~> 1.10)
      parser (>= 3.3.0.2)
      rainbow (>= 2.2.2, < 4.0)
      regexp_parser (>= 2.9.3, < 3.0)
      rubocop-ast (>= 1.38.0, < 2.0)
      ruby-progressbar (~> 1.7)
      unicode-display_width (>= 2.4.0, < 4.0)
    rubocop-ast (1.38.0)
      parser (>= 3.3.1.0)
    ruby-progressbar (1.13.0)
    unicode-display_width (3.1.4)
      unicode-emoji (~> 4.0, >= 4.0.4)
    unicode-emoji (4.0.4)
    yard-coderay (0.1.0)
      coderay
      yard

PLATFORMS
  ruby
  x86_64-linux

DEPENDENCIES
  bundler (~> 2.1)
  commonmarker (~> 2.0)
  csv (~> 3.3)
  docopt (~> 0.6)
  minitest (~> 5.25)
  minitest-skip (~> 0.0)
  paint (~> 2.3)
  rake (~> 13.2)
  rexml (~> 3.4)
  rubocop (~> 1.71)
  tls-map!
  yard!
  yard-coderay (~> 0.1)

BUNDLED WITH
   2.6.3
