PATH
  remote: .
  specs:
    tls-map (3.0.0)
      csv (~> 3.3)
      docopt (~> 0.6)
      paint (~> 2.2)
      rexml (~> 3.2)

GEM
  remote: https://rubygems.org/
  specs:
    ast (2.4.2)
    coderay (1.1.3)
    commonmarker (0.23.11)
    csv (3.3.0)
    docopt (0.6.1)
    json (2.7.5)
    language_server-protocol (3.17.0.3)
    minitest (5.25.1)
    minitest-skip (0.0.3)
      minitest (~> 5.0)
    paint (2.3.0)
    parallel (1.26.3)
    parser (3.3.5.1)
      ast (~> 2.4.1)
      racc
    racc (1.8.1)
    rainbow (3.1.1)
    rake (13.2.1)
    regexp_parser (2.9.2)
    rexml (3.3.9)
    rubocop (1.68.0)
      json (~> 2.3)
      language_server-protocol (>= 3.17.0)
      parallel (~> 1.10)
      parser (>= 3.3.0.2)
      rainbow (>= 2.2.2, < 4.0)
      regexp_parser (>= 2.4, < 3.0)
      rubocop-ast (>= 1.32.2, < 2.0)
      ruby-progressbar (~> 1.7)
      unicode-display_width (>= 2.4.0, < 3.0)
    rubocop-ast (1.33.0)
      parser (>= 3.3.1.0)
    ruby-progressbar (1.13.0)
    unicode-display_width (2.6.0)
    yard (0.9.37)
    yard-coderay (0.1.0)
      coderay
      yard

PLATFORMS
  ruby
  x86_64-linux

DEPENDENCIES
  bundler (~> 2.1)
  commonmarker (~> 0.23)
  csv (~> 3.3)
  docopt (~> 0.6)
  minitest (~> 5.25)
  minitest-skip (~> 0.0)
  paint (~> 2.3)
  rake (~> 13.2)
  rexml (~> 3.3)
  rubocop (~> 1.68)
  tls-map!
  yard (>= 0.9.27, < 0.10)
  yard-coderay (~> 0.1)

BUNDLED WITH
   2.5.6
